PATH
  remote: .
  specs:
    docker-sync (0.1.2)
      docker-compose (= 0.8.3)
      gem_update_checker (~> 0.2.0, >= 0.2.0)
      terminal-notifier (= 1.6.3)
      thor (~> 0.19, >= 0.19.0)

GEM
  remote: https://rubygems.org/
  specs:
    backticks (0.5.0)
    docker-compose (0.8.3)
      backticks (~> 0.5)
    gem_update_checker (0.2.0)
    terminal-notifier (1.6.3)
    thor (0.19.1)

PLATFORMS
  ruby

DEPENDENCIES
  docker-sync!

BUNDLED WITH
   1.12.5
